GIT
  remote: https://github.com/CocoaPods/CLAide.git
  revision: e64c76edd9dbc540776772097b78ae27720eccbb
  branch: master
  specs:
    claide (0.6.1)

GIT
  remote: https://github.com/inf0rmer/cocoapods.git
  revision: 9b65ab8ca49bdae1af85c59184cf03fa7de6cbef
  specs:
    cocoapods (0.33.1)
      activesupport (>= 3.2.15, < 4)
      claide (~> 0.6.1)
      cocoapods-core (= 0.33.1)
      cocoapods-downloader (~> 0.6.1)
      cocoapods-plugins (~> 0.2.0)
      cocoapods-trunk (~> 0.1.4)
      cocoapods-try (~> 0.3.0)
      colored (~> 1.2)
      escape (~> 0.0.4)
      json_pure (~> 1.8)
      nap (~> 0.8)
      open4 (~> 1.3)
      xcodeproj (~> 0.18.0)

GEM
  remote: https://rubygems.org/
  specs:
    CFPropertyList (2.2.8)
    activesupport (3.2.19)
      i18n (~> 0.6, >= 0.6.4)
      multi_json (~> 1.0)
    cocoapods-core (0.33.1)
      activesupport (>= 3.2.15)
      fuzzy_match (~> 2.0.4)
      json_pure (~> 1.8)
      nap (~> 0.5)
    cocoapods-downloader (0.6.1)
    cocoapods-plugins (0.2.0)
      nap
    cocoapods-trunk (0.1.4)
      json_pure (~> 1.8)
      nap (>= 0.6)
      netrc
    cocoapods-try (0.3.0)
    coderay (1.1.0)
    colored (1.2)
    escape (0.0.4)
    fuzzy_match (2.0.4)
    i18n (0.6.11)
    json_pure (1.8.1)
    method_source (0.8.2)
    multi_json (1.10.1)
    nap (0.8.0)
    netrc (0.7.7)
    open4 (1.3.4)
    pry (0.10.0)
      coderay (~> 1.1.0)
      method_source (~> 0.8.1)
      slop (~> 3.4)
    slop (3.6.0)
    xcodeproj (0.18.0)
      CFPropertyList (~> 2.2)
      activesupport (~> 3.0)
      colored (~> 1.2)

PLATFORMS
  ruby

DEPENDENCIES
  claide!
  cocoapods!
  pry
